GIT
  remote: git://github.com/thoughtworks/mongoid.git
  revision: 869089a8a6d72c883a141a1b6034f3339ccaf6ef
  specs:
    mongoid (2.2.0)
      activemodel (~> 3.0)
      mongo (~> 1.3)
      tzinfo (~> 0.3.22)

GEM
  remote: https://rubygems.org/
  specs:
    SystemTimer (1.2.3)
    actionpack (3.2.6)
      activemodel (= 3.2.6)
      activesupport (= 3.2.6)
      builder (~> 3.0.0)
      erubis (~> 2.7.0)
      journey (~> 1.0.1)
      rack (~> 1.4.0)
      rack-cache (~> 1.2)
      rack-test (~> 0.6.1)
      sprockets (~> 2.1.3)
    activemodel (3.2.6)
      activesupport (= 3.2.6)
      builder (~> 3.0.0)
    activesupport (3.2.6)
      i18n (~> 0.6)
      multi_json (~> 1.0)
    bson (1.7.0)
    bson_ext (1.7.0)
      bson (~> 1.7.0)
    builder (3.0.2)
    columnize (0.3.6)
    diff-lcs (1.1.3)
    erubis (2.7.0)
    fakeweb (1.3.0)
    hike (1.2.1)
    hypertemplate (1.2.2)
      json_pure
      nokogiri
    i18n (0.6.1)
    journey (1.0.4)
    json_pure (1.7.5)
    linecache (0.46)
      rbx-require-relative (> 0.0.4)
    medie (1.0.0)
      actionpack (>= 3.0.0)
      activesupport
      json_pure
      methodize
    methodize (0.2.2)
    mongo (1.7.0)
      bson (~> 1.7.0)
    multi_json (1.3.6)
    nokogiri (1.5.5)
    rack (1.4.1)
    rack-cache (1.2)
      rack (>= 0.4)
    rack-conneg (0.1.5)
      rack (>= 1.0)
    rack-protection (1.2.0)
      rack
    rack-test (0.6.1)
      rack (>= 1.0)
    rake (0.9.2.2)
    rbx-require-relative (0.0.9)
    respondie (0.9.0)
    restfulie (1.1.1)
      hypertemplate (~> 1.2.2)
      json_pure (>= 1.2.4)
      medie (~> 1.0.0)
      nokogiri (>= 1.4.2)
      rack-conneg
      respondie (~> 0.9.0)
    rspec (2.11.0)
      rspec-core (~> 2.11.0)
      rspec-expectations (~> 2.11.0)
      rspec-mocks (~> 2.11.0)
    rspec-core (2.11.1)
    rspec-expectations (2.11.3)
      diff-lcs (~> 1.1.3)
    rspec-mocks (2.11.2)
    ruby-debug (0.10.4)
      columnize (>= 0.1)
      ruby-debug-base (~> 0.10.4.0)
    ruby-debug-base (0.10.4)
      linecache (>= 0.3)
    shotgun (0.9)
      rack (>= 1.0)
    shoulda-matchers (1.3.0)
      activesupport (>= 3.0.0)
    sinatra (1.3.3)
      rack (~> 1.3, >= 1.3.6)
      rack-protection (~> 1.2)
      tilt (~> 1.3, >= 1.3.3)
    sprockets (2.1.3)
      hike (~> 1.2)
      rack (~> 1.0)
      tilt (~> 1.1, != 1.3.0)
    tilt (1.3.3)
    tokamak (1.2.1)
      json_pure
      nokogiri
    tzinfo (0.3.33)
    will_paginate (3.0.3)

PLATFORMS
  ruby

DEPENDENCIES
  SystemTimer (~> 1.2.0)
  bson_ext (~> 1.3)
  fakeweb
  mongoid!
  multi_json
  nokogiri
  rack-test
  rake
  restfulie
  rspec
  ruby-debug
  shotgun
  shoulda-matchers
  sinatra
  tokamak
  will_paginate
